GEM
  remote: https://rubygems.org/
  specs:
    clamp (1.3.1)

PLATFORMS
  ruby

DEPENDENCIES
  clamp (~> 1.3)

BUNDLED WITH
   2.0.2
